GEM
  remote: https://rubygems.org/
  specs:
    byebug (9.0.6)
    colorize (0.8.1)
    ethon (0.10.1)
      ffi (>= 1.3.0)
    ffi (1.9.18)
    forgery (0.6.0)
    json (2.1.0)
    typhoeus (1.1.2)
      ethon (>= 0.9.0)

PLATFORMS
  ruby

DEPENDENCIES
  byebug
  colorize
  forgery
  json
  typhoeus

RUBY VERSION
   ruby 2.4.1p111

BUNDLED WITH
   1.15.2
